GEM
  remote: https://rubygems.org/
  specs:
    daemons (1.2.4)
    eventmachine (1.2.3)
    migrations (1.0.6)
      sequel (~> 4.25)
    mustermann (1.0.0)
    mysql2 (0.4.6)
    rack (2.0.3)
    rack-protection (2.0.0)
      rack
    sequel (4.47.0)
    sinatra (2.0.0)
      mustermann (~> 1.0)
      rack (~> 2.0)
      rack-protection (= 2.0.0)
      tilt (~> 2.0)
    thin (1.7.0)
      daemons (~> 1.0, >= 1.0.9)
      eventmachine (~> 1.0, >= 1.0.4)
      rack (>= 1, < 3)
    tilt (2.0.7)

PLATFORMS
  ruby

DEPENDENCIES
  migrations (~> 1.0, >= 1.0.6)
  mysql2 (~> 0.4.6)
  sinatra (~> 2.0)
  thin (~> 1.7)

BUNDLED WITH
   1.15.0
